GEM
  remote: http://rubygems.org/
  specs:
    git (1.2.5)
    httpclient (2.3.4.1)
    jeweler (1.6.4)
      bundler (~> 1.0)
      git (>= 1.2.5)
      rake
    rake (0.9.2.2)
    soap2r (1.5.8)
      httpclient (>= 2.1.1)

PLATFORMS
  ruby

DEPENDENCIES
  bundler
  jeweler (~> 1.6.4)
  soap2r
