GEM
  remote: http://rubygems.org/
  specs:
    git (1.2.5)
    httpclient (2.1.5.2)
    jeweler (1.6.4)
      bundler (~> 1.0)
      git (>= 1.2.5)
      rake
    rake (0.9.2.2)
    soap4r-ruby19 (1.5.9)
      httpclient (~> 2.1.5.2)

PLATFORMS
  ruby

DEPENDENCIES
  bundler
  jeweler (~> 1.6.4)
  soap4r-ruby19
