GIT
  remote: git://github.com/felipec/soap4r.git
  revision: 67025083430fc46d908f1a0d23c815f5ede4ab62
  specs:
    soap2r (1.5.9)
      httpclient (>= 2.1.1)
      logger-application (~> 0.0.2)

GEM
  remote: http://rubygems.org/
  specs:
    git (1.2.9.1)
    httpclient (2.6.0.1)
    jeweler (1.6.4)
      bundler (~> 1.0)
      git (>= 1.2.5)
      rake
    logger-application (0.0.2)
    rake (10.4.2)

PLATFORMS
  ruby

DEPENDENCIES
  bundler
  jeweler (~> 1.6.4)
  soap2r!
